GEM
  remote: https://rubygems.org/
  specs:
    addressable (2.8.0)
      public_suffix (>= 2.0.2, < 5.0)
    colored (1.2)
    concurrent-ruby (1.1.9)
    cri (2.15.11)
    ddmemoize (1.0.0)
      ddmetrics (~> 1.0)
      ref (~> 2.0)
    ddmetrics (1.0.1)
    ddplugin (1.0.3)
    diff-lcs (1.4.4)
    hamster (3.0.0)
      concurrent-ruby (~> 1.0)
    image_size (2.1.0)
    json_schema (0.21.0)
    kramdown (2.3.0)
      rexml
    nanoc (4.12.3)
      addressable (~> 2.5)
      colored (~> 1.2)
      nanoc-checking (~> 1.0)
      nanoc-cli (= 4.12.3)
      nanoc-core (= 4.12.3)
      nanoc-deploying (~> 1.0)
      parallel (~> 1.12)
      tty-command (~> 0.8)
      tty-which (~> 0.4)
    nanoc-checking (1.0.1)
      nanoc-cli (~> 4.11, >= 4.11.15)
      nanoc-core (~> 4.11, >= 4.11.15)
    nanoc-cli (4.12.3)
      cri (~> 2.15)
      diff-lcs (~> 1.3)
      nanoc-core (= 4.12.3)
      zeitwerk (~> 2.1)
    nanoc-core (4.12.3)
      concurrent-ruby (~> 1.1)
      ddmemoize (~> 1.0)
      ddmetrics (~> 1.0)
      ddplugin (~> 1.0)
      hamster (~> 3.0)
      json_schema (~> 0.19)
      slow_enumerator_tools (~> 1.0)
      tty-platform (~> 0.2)
      zeitwerk (~> 2.1)
    nanoc-deploying (1.0.1)
      nanoc-checking (~> 1.0)
      nanoc-cli (~> 4.11, >= 4.11.15)
      nanoc-core (~> 4.11, >= 4.11.15)
    parallel (1.21.0)
    pastel (0.8.0)
      tty-color (~> 0.5)
    public_suffix (4.0.6)
    ref (2.0.0)
    rexml (3.2.4)
    slow_enumerator_tools (1.1.0)
    tty-color (0.6.0)
    tty-command (0.10.1)
      pastel (~> 0.8)
    tty-platform (0.3.0)
    tty-which (0.5.0)
    zeitwerk (2.5.1)

PLATFORMS
  x86_64-darwin-19

DEPENDENCIES
  image_size
  kramdown
  nanoc (>= 4.0)

BUNDLED WITH
   2.2.4
